GEM
  remote: https://rubygems.org/
  specs:
    chipmunk (6.1.3.4)
    gosu (0.10.5)
    gosu_enhanced (0.3.5)
      gosu (~> 0.10)
    opengl (0.9.2)

PLATFORMS
  ruby

DEPENDENCIES
  chipmunk
  gosu
  gosu_enhanced (~> 0.3.5)
  opengl

BUNDLED WITH
   1.11.2
